NUGET
  remote: https://www.nuget.org/api/v2
  specs:
    FAKE (4.44.4)
    FSharp.Core (4.0.0.1)
